PATH
  remote: ..
  specs:
    acceptable_model (0.1.1)
      active_support
      builder
      i18n

GEM
  remote: http://rubygems.org/
  specs:
    active_support (3.0.0)
      activesupport (= 3.0.0)
    activesupport (3.0.0)
    builder (3.0.0)
    i18n (0.6.0)
    rack (1.4.1)
    rack-accept (0.4.4)
      rack (>= 0.4)
    rack-protection (1.2.0)
      rack
    sinatra (1.3.2)
      rack (~> 1.3, >= 1.3.6)
      rack-protection (~> 1.2)
      tilt (~> 1.3, >= 1.3.3)
    tilt (1.3.3)

PLATFORMS
  ruby

DEPENDENCIES
  acceptable_model!
  rack-accept
  sinatra
